PATH
  remote: .
  specs:
    ruby-rescuetime (0.0.2)

GEM
  remote: http://rubygems.org/
  specs:
    ZenTest (4.5.0)
    active_support (3.0.0)
      activesupport (= 3.0.0)
    activesupport (3.0.0)
    autotest-rails (4.1.1)
      ZenTest (= 4.5)
    diff-lcs (1.1.3)
    rake (0.8.7)
    rspec (2.8.0)
      rspec-core (~> 2.8.0)
      rspec-expectations (~> 2.8.0)
      rspec-mocks (~> 2.8.0)
    rspec-core (2.8.0)
    rspec-expectations (2.8.0)
      diff-lcs (~> 1.1.2)
    rspec-mocks (2.8.0)
    sqlite3 (1.3.5)

PLATFORMS
  ruby

DEPENDENCIES
  active_support
  autotest-rails
  rake
  rspec
  ruby-rescuetime!
  sqlite3
